PATH
  remote: .
  specs:
    rubocop-lts (2.0.0)
      rubocop-ruby2_0 (~> 1.0.4)

GEM
  remote: https://rubygems.org/
  specs:
    ast (2.4.2)
    coderay (1.1.3)
    diff-lcs (1.5.0)
    method_source (1.0.0)
    parallel (1.13.0)
    parser (2.7.2.0)
      ast (~> 2.4.1)
    powerpack (0.1.3)
    pry (0.14.1)
      coderay (~> 1.1)
      method_source (~> 1.0)
    rainbow (2.2.2)
      rake
    rake (12.3.3)
    rspec (3.11.0)
      rspec-core (~> 3.11.0)
      rspec-expectations (~> 3.11.0)
      rspec-mocks (~> 3.11.0)
    rspec-core (3.11.0)
      rspec-support (~> 3.11.0)
    rspec-expectations (3.11.0)
      diff-lcs (>= 1.2.0, < 2.0)
      rspec-support (~> 3.11.0)
    rspec-mocks (3.11.1)
      diff-lcs (>= 1.2.0, < 2.0)
      rspec-support (~> 3.11.0)
    rspec-support (3.11.0)
    rubocop (0.50.0)
      parallel (~> 1.10)
      parser (>= 2.3.3.1, < 3.0)
      powerpack (~> 0.1)
      rainbow (>= 2.2.2, < 3.0)
      ruby-progressbar (~> 1.7)
      unicode-display_width (~> 1.0, >= 1.0.1)
    rubocop-md (0.2.0)
      rubocop (~> 0.50)
    rubocop-rspec (1.5.1)
      rubocop (>= 0.41.2)
    rubocop-ruby2_0 (1.0.4)
      rubocop (= 0.50.0)
    rubocop-thread_safety (0.3.3)
      rubocop (>= 0.48.0)
    ruby-progressbar (1.11.0)
    unicode-display_width (1.8.0)

PLATFORMS
  arm64-darwin-21
  x86_64-linux

DEPENDENCIES
  pry
  rake (~> 12.3)
  rspec (~> 3.0)
  rubocop-lts!
  rubocop-md (= 0.2.0)
  rubocop-rspec (= 1.5.1)
  rubocop-thread_safety (= 0.3.3)

BUNDLED WITH
   2.3.12
