PATH
  remote: .
  specs:
    rubocop-lts (2.0.3)
      rubocop-ruby1_9 (~> 1.0.3)

GEM
  remote: https://rubygems.org/
  specs:
    ast (2.4.2)
    coderay (1.1.3)
    diff-lcs (1.5.0)
    method_source (1.0.0)
    parser (2.4.0.2)
      ast (~> 2.3)
    powerpack (0.1.3)
    pry (0.14.1)
      coderay (~> 1.1)
      method_source (~> 1.0)
    rainbow (2.2.2)
      rake
    rake (12.3.3)
    rspec (3.11.0)
      rspec-core (~> 3.11.0)
      rspec-expectations (~> 3.11.0)
      rspec-mocks (~> 3.11.0)
    rspec-core (3.11.0)
      rspec-support (~> 3.11.0)
    rspec-expectations (3.11.0)
      diff-lcs (>= 1.2.0, < 2.0)
      rspec-support (~> 3.11.0)
    rspec-mocks (3.11.1)
      diff-lcs (>= 1.2.0, < 2.0)
      rspec-support (~> 3.11.0)
    rspec-support (3.11.0)
    rubocop (0.41.2)
      parser (>= 2.3.1.1, < 3.0)
      powerpack (~> 0.1)
      rainbow (>= 1.99.1, < 3.0)
      ruby-progressbar (~> 1.7)
      unicode-display_width (~> 1.0, >= 1.0.1)
    rubocop-rspec (1.5.0)
      rubocop (>= 0.40.0)
    rubocop-ruby1_9 (1.0.3)
      parser (= 2.4.0.2)
      rubocop (= 0.41.2)
    rubocop-thread_safety (0.3.1)
      rubocop (>= 0.41.1)
    ruby-progressbar (1.11.0)
    unicode-display_width (1.8.0)

PLATFORMS
  arm64-darwin-21

DEPENDENCIES
  pry
  rake (~> 12.2)
  rspec (~> 3.0)
  rubocop-lts!
  rubocop-rspec (= 1.5.0)
  rubocop-thread_safety (= 0.3.1)

BUNDLED WITH
   2.3.12
